GIT
  remote: git://github.com/radiant/radiant.git
  revision: 4f9e1d043f0011505f53e42530ac57afe9c4008c
  specs:
    radiant (1.0.0.rc3)
      acts_as_tree (~> 0.1.1)
      bundler (>= 1.0.0)
      compass (~> 0.11.1)
      delocalize (~> 0.2.3)
      haml (~> 3.1.1)
      highline (= 1.6.2)
      rack (~> 1.1.1)
      rack-cache (~> 1.0.2)
      radiant-archive-extension (~> 1.0.6)
      radiant-clipped-extension (~> 1.0.10)
      radiant-debug-extension (~> 1.0.0)
      radiant-exporter-extension (~> 1.0.0)
      radiant-markdown_filter-extension (~> 1.0.0)
      radiant-sheets-extension (~> 1.0.4)
      radiant-site_templates-extension (~> 1.0.2)
      radiant-smarty_pants_filter-extension (~> 1.0.0)
      radiant-textile_filter-extension (~> 1.0.0)
      radius (~> 0.7.1)
      rails (~> 2.3.14)
      rake (>= 0.8.7)
      rdoc (~> 3.9.2)
      stringex (~> 1.3.0)
      will_paginate (~> 2.3.11)

GEM
  remote: http://rubygems.org/
  specs:
    RedCloth (4.2.9)
    actionmailer (2.3.14)
      actionpack (= 2.3.14)
    actionpack (2.3.14)
      activesupport (= 2.3.14)
      rack (~> 1.1.0)
    activerecord (2.3.14)
      activesupport (= 2.3.14)
    activeresource (2.3.14)
      activesupport (= 2.3.14)
    activesupport (2.3.14)
    acts_as_list (0.1.4)
    acts_as_tree (0.1.1)
    bluecloth (2.1.0)
    chunky_png (1.2.5)
    cocaine (0.2.0)
    coffee-script (2.2.0)
      coffee-script-source
      execjs
    coffee-script-source (1.1.3)
    compass (0.11.5)
      chunky_png (~> 1.2)
      fssm (>= 0.2.7)
      sass (~> 3.1)
    delocalize (0.2.6)
    execjs (1.2.9)
      multi_json (~> 1.0)
    fssm (0.2.7)
    haml (3.1.4)
    highline (1.6.2)
    mime-types (1.17.2)
    multi_json (1.0.4)
    paperclip (2.3.16)
      activerecord (>= 2.3.0)
      activesupport (>= 2.3.2)
      cocaine (>= 0.0.2)
      mime-types
    pg (0.11.0)
    rack (1.1.2)
    rack-cache (1.0.3)
      rack (>= 0.4)
    radiant-archive-extension (1.0.6)
    radiant-clipped-extension (1.0.14)
      acts_as_list (~> 0.1.2)
      paperclip (~> 2.3.16)
      uuidtools (~> 2.1.2)
    radiant-debug-extension (1.0.2)
    radiant-exporter-extension (1.0.2)
    radiant-markdown_filter-extension (1.0.2)
      bluecloth (~> 2.1.0)
    radiant-sheets-extension (1.0.4)
      coffee-script (~> 2.2.0)
      sass (~> 3.1.2)
    radiant-site_templates-extension (1.0.2)
    radiant-smarty_pants_filter-extension (1.0.2)
      rubypants (~> 0.2.0)
    radiant-textile_filter-extension (1.0.4)
      RedCloth (~> 4.2.0)
    radius (0.7.1)
    rails (2.3.14)
      actionmailer (= 2.3.14)
      actionpack (= 2.3.14)
      activerecord (= 2.3.14)
      activeresource (= 2.3.14)
      activesupport (= 2.3.14)
      rake (>= 0.8.3)
    rake (0.9.2.2)
    rdoc (3.9.4)
    rubypants (0.2.0)
    sass (3.1.11)
    stringex (1.3.0)
    uuidtools (2.1.2)
    will_paginate (2.3.16)

PLATFORMS
  ruby

DEPENDENCIES
  pg (~> 0.11.0)
  radiant!
